NUGET
  remote: http://nuget.org/api/v2
  specs:
    FAKE (4.4.4)
    FSharp.Compiler.Service (1.4.0.5)
    FSharp.Core (4.0.0.1)
    FSharp.Formatting (2.10.0)
      FSharp.Compiler.Service (>= 0.0.87)
      FSharpVSPowerTools.Core (1.8.0)
    FSharpVSPowerTools.Core (1.8.0)
      FSharp.Compiler.Service (>= 0.0.87)
    FsPickler (1.5.2)
    FsUnit (1.3.1)
      NUnit (2.6.4)
    fszmq (12.1.1)
      FSharp.Core
    Microsoft.AspNet.Razor (3.2.3)
    NuGet.CommandLine (2.8.6)
    NUnit (2.6.4)
    NUnit.Runners (2.6.4)
    RazorEngine (3.7.2)
      Microsoft.AspNet.Razor (>= 3.0.0) - framework: >= net45
      Microsoft.AspNet.Razor (2.0.30506.0) - framework: net40
